PATH
  remote: .
  specs:
    bitpay-ruby (0.1.0)
      faraday (~> 0.8.4)
      log4r (~> 1.1.10)
      sinatra

GEM
  remote: http://rubygems.org/
  specs:
    faraday (0.8.4)
      multipart-post (~> 1.1)
    log4r (1.1.10)
    multipart-post (1.1.5)
    rack (1.2.8)
    rake (10.0.0)
    sinatra (1.0)
      rack (>= 1.0)

PLATFORMS
  ruby

DEPENDENCIES
  bitpay-ruby!
  rack (= 1.2.8)
  rake (~> 10.0.0)
