PATH
  remote: .
  specs:
    bitpay-ruby (0.1.0)
      faraday (~> 0.8.4)
      log4r (~> 1.1.10)
      sinatra (~> 1.3.3)
      webrick (~> 1.3.1)

GEM
  remote: http://rubygems.org/
  specs:
    faraday (0.8.4)
      multipart-post (~> 1.1)
    log4r (1.1.10)
    multipart-post (1.1.5)
    rack (1.4.1)
    rack-protection (1.2.0)
      rack
    rake (10.0.0)
    tilt (1.3.3)
    webrick (1.3.1)

PLATFORMS
  ruby

DEPENDENCIES
  bitpay-ruby!
  rake (~> 10.0.0)
